GEM
  remote: http://rubygems.org/
  specs:
    activesupport (3.0.7)
    addressable (2.2.5)
    anise (0.5.0)
    chronic (0.3.0)
    daemons (1.1.3)
    data_objects (0.10.5)
      addressable (~> 2.1)
    dm-ar-finders (1.0.2)
      dm-core (~> 1.0.2)
    dm-core (1.0.2)
      addressable (~> 2.2)
      extlib (~> 0.9.15)
    dm-do-adapter (1.0.2)
      data_objects (~> 0.10.2)
      dm-core (~> 1.0.2)
    dm-migrations (1.0.2)
      dm-core (~> 1.0.2)
    dm-sqlite-adapter (1.0.2)
      dm-do-adapter (~> 1.0.2)
      do_sqlite3 (~> 0.10.2)
    dm-timestamps (1.0.2)
      dm-core (~> 1.0.2)
    dm-validations (1.0.2)
      dm-core (~> 1.0.2)
    do_sqlite3 (0.10.5)
      data_objects (= 0.10.5)
    extlib (0.9.15)
    facets (2.9.1)
    i18n (0.5.0)
    json (1.7.5)
    rake (0.9.2.2)

PLATFORMS
  ruby

DEPENDENCIES
  activesupport
  anise
  chronic
  daemons
  dm-ar-finders
  dm-core (< 1.1.0)
  dm-migrations (< 1.1.0)
  dm-sqlite-adapter (< 1.1.0)
  dm-timestamps
  dm-validations
  facets
  i18n
  json
  rake
